PATH
  remote: .
  specs:
    jekyll_tagger (0.0.2)

GEM
  remote: https://rubygems.org/
  specs:
    byebug (9.0.5)
    clash (2.3.0)
      colorator (~> 0.1)
      diffy (~> 3.0)
      os (~> 0.9)
      safe_yaml (~> 1.0)
    coderay (1.1.1)
    colorator (0.1)
    diffy (3.1.0)
    ffi (1.9.10-x86-mingw32)
    jekyll (3.1.6)
      colorator (~> 0.1)
      jekyll-sass-converter (~> 1.0)
      jekyll-watch (~> 1.1)
      kramdown (~> 1.3)
      liquid (~> 3.0)
      mercenary (~> 0.3.3)
      rouge (~> 1.7)
      safe_yaml (~> 1.0)
    jekyll-sass-converter (1.4.0)
      sass (~> 3.4)
    jekyll-watch (1.4.0)
      listen (~> 3.0, < 3.1)
    kramdown (1.11.1)
    liquid (3.0.6)
    listen (3.0.8)
      rb-fsevent (~> 0.9, >= 0.9.4)
      rb-inotify (~> 0.9, >= 0.9.7)
    mercenary (0.3.6)
    method_source (0.8.2)
    os (0.9.6)
    pry (0.10.3)
      coderay (~> 1.1.0)
      method_source (~> 0.8.1)
      slop (~> 3.4)
    pry-byebug (3.4.0)
      byebug (~> 9.0)
      pry (~> 0.10)
    rake (11.2.2)
    rb-fsevent (0.9.7)
    rb-inotify (0.9.7)
      ffi (>= 0.5.0)
    rouge (1.11.1)
    safe_yaml (1.0.4)
    sass (3.4.22)
    slop (3.6.0)

PLATFORMS
  x86-mingw32

DEPENDENCIES
  bundler (~> 1.6)
  clash
  jekyll
  jekyll_tagger!
  pry-byebug
  rake

BUNDLED WITH
   1.10.4
